GEM
  remote: https://rubygems.org/
  specs:
    coderay (1.1.0)
    cuba (3.3.0)
      rack
    dotenv (1.0.2)
    json (1.8.2)
    method_source (0.8.2)
    mosca (0.1.2)
      json (~> 1.8.1)
      mqtt (~> 0.3, >= 0.3.1)
    mqtt (0.3.1)
    pry (0.10.1)
      coderay (~> 1.1.0)
      method_source (~> 0.8.1)
      slop (~> 3.4)
    rack (1.6.0)
    shotgun (0.9)
      rack (>= 1.0)
    slop (3.6.0)
    tilt (2.0.1)

PLATFORMS
  ruby

DEPENDENCIES
  cuba
  dotenv
  mosca
  pry
  shotgun
  tilt
